GEM
  remote: https://rubygems.org/
  specs:
    async (2.24.0)
      console (~> 1.29)
      fiber-annotation
      io-event (~> 1.9)
      metrics (~> 0.12)
      traces (~> 0.15)
    async-http (0.91.0)
      async (>= 2.10.2)
      async-pool (~> 0.11)
      io-endpoint (~> 0.14)
      io-stream (~> 0.6)
      metrics (~> 0.12)
      protocol-http (~> 0.49)
      protocol-http1 (~> 0.30)
      protocol-http2 (~> 0.22)
      traces (~> 0.10)
    async-pool (0.11.0)
      async (>= 2.0)
    base64 (0.2.0)
    concurrent-ruby (1.3.5)
    console (1.34.1)
      fiber-annotation
      fiber-local (~> 1.1)
      json
    cool.io (1.9.0)
    csv (3.3.5)
    dig_rb (1.0.1)
    drb (2.2.3)
    fiber-annotation (0.2.0)
    fiber-local (1.1.0)
      fiber-storage
    fiber-storage (1.0.1)
    fluent-config-regexp-type (1.0.0)
      fluentd (> 1.0.0, < 2)
    fluent-plugin-concat (2.6.0)
      fluentd (>= 0.14.0, < 2)
    fluent-plugin-dedot_filter (1.0.0)
      fluentd (>= 0.14.0, < 2)
    fluent-plugin-detect-exceptions (0.0.16)
      fluentd (>= 1.14.2)
    fluent-plugin-geoip (1.3.2)
      dig_rb
      fluentd (>= 0.14.8, < 2)
      geoip-c
      geoip2_c
    fluent-plugin-grok-parser (2.6.2)
      fluentd (>= 0.14.6, < 2)
    fluent-plugin-kube-events-timestamp (0.1.3)
      fluentd (>= 0.14.0, < 2)
    fluent-plugin-multi-format-parser (1.1.0)
      fluentd (>= 0.14.0, < 2)
    fluent-plugin-mysqlslowquery (0.0.9)
      fluentd (>= 0.12.0, < 2)
      myslog (~> 0.0)
    fluent-plugin-parser-logfmt (0.0.0)
      fluentd (>= 1, < 2)
      logfmt (~> 0.0.8)
    fluent-plugin-prometheus (2.2.1)
      fluentd (>= 1.9.1, < 2)
      prometheus-client (>= 2.1.0)
    fluent-plugin-record-modifier (2.2.1)
      fluentd (>= 1.1, < 2)
    fluent-plugin-rewrite-tag-filter (2.4.0)
      fluent-config-regexp-type
      fluentd (>= 0.14.2, < 2)
    fluent-plugin-tag-normaliser (0.1.3)
      fluentd (>= 0.14.10, < 2)
    fluent-plugin-throttle (0.0.5)
      fluentd (~> 1.1)
    fluent-plugin-ua-parser (1.2.0)
      fluentd (>= 0.14, < 2)
      lru_redux (>= 1.0.0)
      user_agent_parser (>= 2.2.0)
    fluentd (1.19.0)
      async-http (~> 0.86)
      base64 (~> 0.2)
      bundler
      cool.io (>= 1.4.5, < 2.0.0)
      csv (~> 3.2)
      drb (~> 2.2)
      http_parser.rb (>= 0.5.1, < 0.9.0)
      io-event (< 1.11.0)
      io-stream (< 0.8.0)
      logger (~> 1.6)
      msgpack (>= 1.3.1, < 2.0.0)
      serverengine (>= 2.3.2, < 3.0.0)
      sigdump (~> 0.2.5)
      strptime (>= 0.2.4, < 1.0.0)
      tzinfo (>= 1.0, < 3.0)
      tzinfo-data (~> 1.0)
      uri (~> 1.0)
      webrick (~> 1.4)
      yajl-ruby (~> 1.0)
      zstd-ruby (~> 1.5)
    geoip-c (0.9.1)
    geoip2_c (0.3.4)
    http_parser.rb (0.8.0)
    io-endpoint (0.15.2)
    io-event (1.10.2)
    io-stream (0.7.0)
    json (2.15.1)
    logfmt (0.0.10)
    logger (1.7.0)
    lru_redux (1.1.0)
    metrics (0.15.0)
    msgpack (1.8.0)
    myslog (0.1.1)
    prometheus-client (4.2.4)
      base64
    protocol-hpack (1.5.1)
    protocol-http (0.54.0)
    protocol-http1 (0.35.2)
      protocol-http (~> 0.22)
    protocol-http2 (0.23.0)
      protocol-hpack (~> 1.4)
      protocol-http (~> 0.47)
    serverengine (2.4.0)
      base64 (~> 0.1)
      logger (~> 1.4)
      sigdump (~> 0.2.2)
    sigdump (0.2.5)
    strptime (0.2.5)
    traces (0.18.2)
    tzinfo (2.0.6)
      concurrent-ruby (~> 1.0)
    tzinfo-data (1.2025.2)
      tzinfo (>= 1.0.0)
    uri (1.0.4)
    user_agent_parser (2.16.0)
    webrick (1.9.1)
    yajl-ruby (1.4.3)
    zstd-ruby (1.5.7.1)

PLATFORMS
  ruby

DEPENDENCIES
  fluent-plugin-concat (= 2.6.0)
  fluent-plugin-dedot_filter (= 1.0.0)
  fluent-plugin-detect-exceptions (= 0.0.16)
  fluent-plugin-geoip (= 1.3.2)
  fluent-plugin-grok-parser (= 2.6.2)
  fluent-plugin-kube-events-timestamp (= 0.1.3)
  fluent-plugin-multi-format-parser (= 1.1.0)
  fluent-plugin-mysqlslowquery (= 0.0.9)
  fluent-plugin-parser-logfmt (= 0.0.0)
  fluent-plugin-prometheus (= 2.2.1)
  fluent-plugin-record-modifier (= 2.2.1)
  fluent-plugin-rewrite-tag-filter (= 2.4.0)
  fluent-plugin-tag-normaliser (= 0.1.3)
  fluent-plugin-throttle (= 0.0.5)
  fluent-plugin-ua-parser (= 1.2.0)

BUNDLED WITH
   2.4.22
